PATH
  remote: .
  specs:
    angular-restful (0.0.1)

GEM
  remote: https://rubygems.org/
  specs:

PLATFORMS
  ruby

DEPENDENCIES
  angular-restful!
